GEM
  remote: http://rubygems.org/
  specs:
    diff-lcs (1.2.4)
    hash_validator (0.2.7)
    require_all (1.3.0)
    ri_cal (0.8.8)
    rspec (2.14.1)
      rspec-core (~> 2.14.0)
      rspec-expectations (~> 2.14.0)
      rspec-mocks (~> 2.14.0)
    rspec-core (2.14.5)
    rspec-expectations (2.14.2)
      diff-lcs (>= 1.1.3, < 2.0)
    rspec-mocks (2.14.3)
    solid_assert (0.7.3)

PLATFORMS
  ruby

DEPENDENCIES
  hash_validator
  require_all
  ri_cal
  rspec
  solid_assert
